GEM
  specs:
    debase (0.2.5.beta1)
      debase-ruby_core_source (>= 0.10.2)
    debase-ruby_core_source (0.10.9)
    rake (10.4.2)
    ruby-debug-ide (0.7.0)
      rake (>= 0.8.1)

PLATFORMS
  ruby

DEPENDENCIES
  debase
  ruby-debug-ide

BUNDLED WITH
   2.1.3
